GEM
  remote: https://rubygems.org/
  specs:
    activesupport (4.1.5)
      i18n (~> 0.6, >= 0.6.9)
      json (~> 1.7, >= 1.7.7)
      minitest (~> 5.1)
      thread_safe (~> 0.1)
      tzinfo (~> 1.1)
    climate_control (0.0.3)
      activesupport (>= 3.0)
    cocaine (0.5.4)
      climate_control (>= 0.0.3, < 1.0)
    dbsync (1.0.0.beta3)
      cocaine (>= 0.5.0, < 0.6)
    i18n (0.6.11)
    json (1.8.1)
    minitest (5.4.0)
    rake (10.3.2)
    thread_safe (0.3.4)
    tzinfo (1.2.2)
      thread_safe (~> 0.1)

PLATFORMS
  ruby

DEPENDENCIES
  dbsync (>= 1.0.0.beta3, < 2.0.0)
  rake
